REDIRECTS: ON
FRAMEWORK: >= NET45
NUGET
  remote: https://www.nuget.org/api/v2
    Argu (3.1)
    FAKE (4.30)
    FsCheck (2.5)
      FSharp.Core (>= 3.1.2.5)
    FSharp.Compiler.Service (5.0)
    FSharp.Core (4.0.0.1)
    FsPickler (2.1)
    FsPickler.Json (2.1)
      FsPickler (2.1)
      Newtonsoft.Json (>= 6.0.5)
    FsUnit (1.4.1)
      FSharp.Core (>= 3.1.2.5)
      NUnit (2.6.4)
    MathNet.Numerics (3.7.1)
    MathNet.Numerics.FSharp (3.7.1)
      FSharp.Core (>= 3.1.2.1)
      MathNet.Numerics (3.7.1)
    MathNet.Numerics.MKL.Win-x64 (1.8)
      MathNet.Numerics (>= 2.4)
    Mono.Cecil (0.9.6.1)
    Newtonsoft.Json (9.0.1)
    NuGet.CommandLine (3.4.3)
    NUnit (2.6.4)
    NUnit.Runners (2.6.4)
    Octokit (0.20)
    SourceLink.Fake (1.1)
    Streams (0.4.1)
    Streams.CSharp (0.4.1)
      Streams (0.4.1)
    System.Runtime.Loader (4.0)
    Thespian (0.1.11-alpha)
      FsPickler (>= 2.1 < 3.0)
    Unquote (3.1.1)
    Vagabond (0.13)
      FsPickler (>= 2.1 < 3.0)
      Mono.Cecil (>= 0.9.6.1 < 0.9.7)
GITHUB
  remote: fsharp/FAKE
    modules/Octokit/Octokit.fsx (d45c7a8c91c96cc25ad14ab017fb84f55befe665)
      Octokit (>= 0.20)